GEM
  remote: https://rubygems.org/
  specs:
    nokogiri (1.14.2-aarch64-linux)
      racc (~> 1.4)
    nokogiri (1.14.2-arm64-darwin)
      racc (~> 1.4)
    nokogiri (1.14.2-x86_64-linux)
      racc (~> 1.4)
    racc (1.6.2)
    thor (1.2.1)

PLATFORMS
  aarch64-linux
  arm64-darwin-21
  x86_64-linux

DEPENDENCIES
  nokogiri (~> 1.14)
  thor (~> 1.2)

BUNDLED WITH
   2.4.13
